GEM
  remote: https://rubygems.org/
  specs:
    byebug (11.0.1)

PLATFORMS
  ruby

DEPENDENCIES
  byebug

RUBY VERSION
   ruby 2.6.3p62

BUNDLED WITH
   2.0.1
